ObjectType = Image
NDims = 3
BinaryData = True
BinaryDataByteOrderMSB = False
CompressedData = True
CompressedDataSize = 8389
TransformMatrix = 1 0 0 0 1 0 0 0 1
Offset = -19.7207 -19.6113 -19.75
CenterOfRotation = 0 0 0
ElementSpacing = 0.5 0.5 0.5
DimSize = 80 80 80
AnatomicalOrientation = ???
ElementType = MET_UCHAR
ElementDataFile = SphereVolume.raw
